GEM
  remote: https://rubygems.org/
  specs:
    pg (1.5.9)

PLATFORMS
  x86_64-linux

DEPENDENCIES
  pg

RUBY VERSION
   ruby 3.2.6p234

BUNDLED WITH
   2.4.19
