GEM
  remote: https://rubygems.org/
  specs:
    rack (3.1.8)
    rackup (2.2.1)
      rack (>= 3)
    webrick (1.9.1)

PLATFORMS
  x86_64-linux

DEPENDENCIES
  rack
  rackup (~> 2.2)
  webrick

RUBY VERSION
   ruby 3.2.6p234

BUNDLED WITH
   2.4.19
